PATH
  remote: .
  specs:
    documentation (0.0.0)
      babosa (~> 0.3)
      redcarpet (~> 2.2)

GEM
  remote: https://rubygems.org/
  specs:
    babosa (0.3.9)
    redcarpet (2.2.2)
    thor (0.17.0)

PLATFORMS
  ruby

DEPENDENCIES
  documentation!
  thor
